GEM
  remote: http://rubygems.org/
  specs:
    gosu (0.7.41-x86-mingw32)
    i18n (0.6.0)
    mail (2.3.0)
      i18n (>= 0.4.0)
      mime-types (~> 1.16)
      treetop (~> 1.4.8)
    mime-types (1.17.2)
    polyglot (0.3.3)
    pony (1.4)
      mail (> 2.0)
    sqlite3 (1.3.5-x86-mingw32)
    treetop (1.4.10)
      polyglot
      polyglot (>= 0.3.1)

PLATFORMS
  x86-mingw32

DEPENDENCIES
  gosu
  pony
  sqlite3
